GEM
  remote: https://rubygems.org/
  specs:
    addressable (2.7.0)
      public_suffix (>= 2.0.2, < 5.0)
    diff-lcs (1.3)
    kgio (2.11.3)
    mini_portile2 (2.4.0)
    mock_redis (0.23.0)
    nokogiri (1.10.9)
      mini_portile2 (~> 2.4.0)
    opengraph_parser (0.2.3)
      addressable
      nokogiri
    public_suffix (4.0.4)
    rack (2.2.2)
    rack-test (1.1.0)
      rack (>= 1.0, < 3)
    raindrops (0.19.1)
    rake (13.0.1)
    redis (4.1.4)
    rspec (3.9.0)
      rspec-core (~> 3.9.0)
      rspec-expectations (~> 3.9.0)
      rspec-mocks (~> 3.9.0)
    rspec-core (3.9.2)
      rspec-support (~> 3.9.3)
    rspec-expectations (3.9.1)
      diff-lcs (>= 1.2.0, < 2.0)
      rspec-support (~> 3.9.0)
    rspec-mocks (3.9.1)
      diff-lcs (>= 1.2.0, < 2.0)
      rspec-support (~> 3.9.0)
    rspec-support (3.9.3)
    unicorn (5.5.5)
      kgio (~> 2.6)
      raindrops (~> 0.7)

PLATFORMS
  ruby

DEPENDENCIES
  mock_redis
  opengraph_parser
  rack
  rack-test
  rake
  redis
  rspec
  unicorn

RUBY VERSION
   ruby 2.6.6p146

BUNDLED WITH
   1.17.2
